GEM
  remote: https://rubygems.org/
  specs:
    rack (1.6.4)
    rack-protection (1.5.3)
      rack
    sinatra (1.4.7)
      rack (~> 1.5)
      rack-protection (~> 1.4)
      tilt (>= 1.3, < 3)
    sinatra-index (0.0.2)
      sinatra
    tilt (2.0.5)

PLATFORMS
  ruby

DEPENDENCIES
  sinatra
  sinatra-index

BUNDLED WITH
   1.12.5
